GIT
  remote: git://github.com/ruby-opencv/ruby-opencv.git
  revision: 96c63eac8688d46b4804a6c4a01cea83065f2572
  ref: 96c63eac8688d46b4804a6c4a01cea83065f2572
  specs:
    opencv (0.0.6.20120501011158)

GEM
  remote: http://rubygems.org/
  specs:
    diff-lcs (1.1.3)
    git (1.2.5)
    jeweler (1.8.4)
      bundler (~> 1.0)
      git (>= 1.2.5)
      rake
      rdoc
    json (1.7.3)
    rake (0.9.2.2)
    rdoc (3.12)
      json (~> 1.4)
    rspec (2.8.0)
      rspec-core (~> 2.8.0)
      rspec-expectations (~> 2.8.0)
      rspec-mocks (~> 2.8.0)
    rspec-core (2.8.0)
    rspec-expectations (2.8.0)
      diff-lcs (~> 1.1.2)
    rspec-mocks (2.8.0)

PLATFORMS
  ruby

DEPENDENCIES
  jeweler (~> 1.8)
  opencv!
  rspec (~> 2.8)
